GEM
  remote: http://rubygems.org/
  remote: http://rubygems.org/
  specs:
    nokogiri (1.5.9)
    rake (10.0.4)

PLATFORMS
  ruby

DEPENDENCIES
  nokogiri
  rake (>= 0.9.2.2)
